GEM
  remote: http://rubygems.org/
  specs:
    RedCloth (4.2.9)
    actionmailer (2.3.15)
      actionpack (= 2.3.15)
    actionpack (2.3.15)
      activesupport (= 2.3.15)
      rack (~> 1.1.3)
    activerecord (2.3.15)
      activesupport (= 2.3.15)
    activeresource (2.3.15)
      activesupport (= 2.3.15)
    activesupport (2.3.15)
    authlogic (2.1.9)
      activerecord (~> 2.3.0)
      activesupport (~> 2.3.0)
    block_helpers (0.3.3)
      activesupport (>= 2.0)
    builder (2.1.2)
    columnize (0.3.6)
    crack (0.3.2)
    curb (0.8.3)
    database_cleaner (0.9.1)
    diff-lcs (1.2.1)
    haml (3.1.7)
    httparty (0.10.2)
      multi_json (~> 1.0)
      multi_xml (>= 0.5.2)
    json_pure (1.7.7)
    linecache (0.46)
      rbx-require-relative (> 0.0.4)
    marc (0.5.0)
    mime-types (1.21)
    multi_json (1.5.1)
    multi_xml (0.5.3)
    multipart-post (1.1.5)
    nokogiri (1.5.6)
    rack (1.1.6)
    rack-test (0.6.2)
      rack (>= 1.0)
    rails (2.3.15)
      actionmailer (= 2.3.15)
      actionpack (= 2.3.15)
      activerecord (= 2.3.15)
      activeresource (= 2.3.15)
      activesupport (= 2.3.15)
      rake (>= 0.8.3)
    rake (10.0.3)
    rbx-require-relative (0.0.9)
    rcov (1.0.0)
    rsolr (0.12.1)
      builder (>= 2.1.2)
    rsolr-ext (0.12.0)
      rsolr (>= 0.12.1)
    solr-ruby (0.0.8)
    sqlite3-ruby (1.2.5)
    term-ansicolor (1.0.7)
    trollop (2.0)
    webrat (0.7.3)
      nokogiri (>= 1.2.0)
      rack (>= 1.0)
      rack-test (>= 0.5.3)
    will_paginate (2.3.16)
    xml-simple (1.1.2)

PLATFORMS
  ruby

DEPENDENCIES
  RedCloth
  authlogic (>= 0.1.0)
  block_helpers
  builder (= 2.1.2)
  columnize
  crack
  curb
  database_cleaner
  diff-lcs
  haml
  httparty
  json_pure (> 1.4.3)
  linecache
  marc
  mime-types
  multipart-post
  nokogiri
  rack
  rack-test
  rails (= 2.3.15)
  rake
  rcov
  rsolr (= 0.12.1)
  rsolr-ext (= 0.12.0)
  solr-ruby
  sqlite3-ruby (= 1.2.5)
  term-ansicolor
  trollop
  webrat
  will_paginate (= 2.3.16)
  xml-simple
