GEM
  remote: http://rubygems.org/
  specs:
    RedCloth (4.2.9)
    actionmailer (2.3.18)
      actionpack (= 2.3.18)
    actionpack (2.3.18)
      activesupport (= 2.3.18)
      rack (~> 1.1.0)
    activerecord (2.3.18)
      activesupport (= 2.3.18)
    activeresource (2.3.18)
      activesupport (= 2.3.18)
    activesupport (2.3.18)
    authlogic (2.1.9)
      activerecord (~> 2.3.0)
      activesupport (~> 2.3.0)
    block_helpers (0.3.3)
      activesupport (>= 2.0)
    builder (2.1.2)
    columnize (0.3.6)
    crack (0.4.1)
      safe_yaml (~> 0.9.0)
    curb (0.8.5)
    database_cleaner (1.2.0)
    diff-lcs (1.2.5)
    ensure_valid_encoding (0.5.3)
    haml (4.0.5)
      tilt
    httparty (0.10.2)
      multi_json (~> 1.0)
      multi_xml (>= 0.5.2)
    json_pure (1.8.1)
    linecache (0.46)
      rbx-require-relative (> 0.0.4)
    marc (0.8.1)
      ensure_valid_encoding
      unf
    mime-types (1.21)
    multi_json (1.8.4)
    multi_xml (0.5.5)
    multipart-post (2.0.0)
    nokogiri (1.5.6)
    pg (0.17.1)
    rack (1.1.6)
    rack-test (0.6.2)
      rack (>= 1.0)
    rails (2.3.18)
      actionmailer (= 2.3.18)
      actionpack (= 2.3.18)
      activerecord (= 2.3.18)
      activeresource (= 2.3.18)
      activesupport (= 2.3.18)
      rake (>= 0.8.3)
    rake (0.8.7)
    rbx-require-relative (0.0.9)
    rsolr (0.12.1)
      builder (>= 2.1.2)
    rsolr-ext (0.12.0)
      rsolr (>= 0.12.1)
    safe_yaml (0.9.7)
    solr-ruby (0.0.8)
    term-ansicolor (1.2.2)
      tins (~> 0.8)
    tilt (2.0.0)
    tins (0.13.1)
    trollop (2.0)
    unf (0.1.3)
      unf_ext
    unf_ext (0.0.6)
    webrat (0.7.3)
      nokogiri (>= 1.2.0)
      rack (>= 1.0)
      rack-test (>= 0.5.3)
    will_paginate (2.3.16)
    xml-simple (1.1.3)

PLATFORMS
  ruby

DEPENDENCIES
  RedCloth
  authlogic (>= 0.1.0)
  block_helpers
  builder (= 2.1.2)
  columnize
  crack
  curb
  database_cleaner
  diff-lcs
  haml
  httparty (= 0.10.2)
  json_pure (> 1.4.3)
  linecache
  marc
  mime-types (= 1.21)
  multipart-post
  nokogiri (= 1.5.6)
  pg
  rack
  rack-test
  rails (= 2.3.18)
  rake (= 0.8.7)
  rsolr (= 0.12.1)
  rsolr-ext (= 0.12.0)
  solr-ruby
  term-ansicolor
  trollop
  webrat
  will_paginate (= 2.3.16)
  xml-simple
